GEM
  remote: http://rubygems.org/
  specs:
    diff-lcs (1.2.5)
    fig_newton (0.10)
      yml_reader (>= 0.3)
    rake (10.3.2)
    rspec (3.1.0)
      rspec-core (~> 3.1.0)
      rspec-expectations (~> 3.1.0)
      rspec-mocks (~> 3.1.0)
    rspec-core (3.1.4)
      rspec-support (~> 3.1.0)
    rspec-expectations (3.1.1)
      diff-lcs (>= 1.2.0, < 2.0)
      rspec-support (~> 3.1.0)
    rspec-mocks (3.1.1)
      rspec-support (~> 3.1.0)
    rspec-support (3.1.0)
    yml_reader (0.4)

PLATFORMS
  x86-mingw32

DEPENDENCIES
  fig_newton
  rake
  rspec
  rspec-mocks
