PATH
  remote: .
  specs:
    rautomation (0.17.0)
      ffi (~> 1.9.0)

GEM
  remote: https://rubygems.org/
  specs:
    diff-lcs (1.2.4)
    ffi (1.9.5-x86-mingw32)
    rake (0.9.2.2)
    rspec (2.14.1)
      rspec-core (~> 2.14.0)
      rspec-expectations (~> 2.14.0)
      rspec-mocks (~> 2.14.0)
    rspec-core (2.14.6)
    rspec-expectations (2.14.3)
      diff-lcs (>= 1.1.3, < 2.0)
    rspec-mocks (2.14.4)
    yard (0.8.6.1)

PLATFORMS
  x86-mingw32

DEPENDENCIES
  rake
  rautomation!
  rspec (~> 2.14)
  yard
