PATH
  remote: .
  specs:
    win32screenshot (1.0.10)
      ffi (~> 1.0)
      mini_magick (~> 3.5.0)
      rautomation (~> 0.7)

GEM
  remote: https://rubygems.org/
  specs:
    diff-lcs (1.2.1)
    ffi (1.9.0-x86-mingw32)
    mini_magick (3.5.0)
      subexec (~> 0.2.1)
    rake (10.1.0)
    rautomation (0.13.0)
      ffi
    rspec (2.13.0)
      rspec-core (~> 2.13.0)
      rspec-expectations (~> 2.13.0)
      rspec-mocks (~> 2.13.0)
    rspec-core (2.13.0)
    rspec-expectations (2.13.0)
      diff-lcs (>= 1.1.3, < 2.0)
    rspec-mocks (2.13.0)
    subexec (0.2.3)
    yard (0.8.5.2)

PLATFORMS
  ruby
  x86-mingw32

DEPENDENCIES
  rake
  rspec (~> 2.5)
  win32screenshot!
  yard
